GEM
  remote: https://rubygems.org/
  specs:
    haml (5.2.2)
      temple (>= 0.8.0)
      tilt
    temple (0.8.2)
    tilt (2.0.10)

PLATFORMS
  x86_64-linux

DEPENDENCIES
  haml (~> 5.2)

BUNDLED WITH
   2.3.8
